GEM
  remote: https://rubygems.org/
  specs:
    activemodel (7.0.4.3)
      activesupport (= 7.0.4.3)
    activerecord (7.0.4.3)
      activemodel (= 7.0.4.3)
      activesupport (= 7.0.4.3)
    activesupport (7.0.4.3)
      concurrent-ruby (~> 1.0, >= 1.0.2)
      i18n (>= 1.6, < 2)
      minitest (>= 5.1)
      tzinfo (~> 2.0)
    addressable (2.8.4)
      public_suffix (>= 2.0.2, < 6.0)
    ansi (1.5.0)
    archive-zip (0.12.0)
      io-like (~> 0.3.0)
    ast (2.4.2)
    async (1.31.0)
      console (~> 1.10)
      nio4r (~> 2.3)
      timers (~> 4.1)
    async-dns (1.3.0)
      async-io (~> 1.15)
    async-io (1.34.3)
      async
    browserstack-local (1.4.1)
    byebug (11.1.3)
    capybara (3.39.0)
      addressable
      matrix
      mini_mime (>= 0.1.3)
      nokogiri (~> 1.8)
      rack (>= 1.6.0)
      rack-test (>= 0.6.3)
      regexp_parser (>= 1.5, < 3.0)
      xpath (~> 3.2)
    coderay (1.1.3)
    concurrent-ruby (1.2.2)
    console (1.16.2)
      fiber-local
    curb (1.0.5)
    daemons (1.4.1)
    diff-lcs (1.5.0)
    domain_name (0.5.20190701)
      unf (>= 0.0.5, < 1.0.0)
    em-websocket (0.5.3)
      eventmachine (>= 0.12.9)
      http_parser.rb (~> 0)
    erubis (2.7.0)
    espeak-ruby (1.1.0)
    event_emitter (0.2.6)
    eventmachine (1.2.7)
    execjs (2.8.1)
    fiber-local (1.0.0)
    geckodriver-helper (0.24.0)
      archive-zip (~> 0.7)
    hashie (5.0.0)
    hashie-forbidden_attributes (0.1.1)
      hashie (>= 3.0)
    http-accept (1.7.0)
    http-cookie (1.0.5)
      domain_name (~> 0.5)
    http_parser.rb (0.8.0)
    i18n (1.12.0)
      concurrent-ruby (~> 1.0)
    io-console (0.6.0)
    io-like (0.3.1)
    irb (1.6.4)
      reline (>= 0.3.0)
    json (2.6.3)
    matrix (0.4.2)
    maxmind-db (1.1.1)
    method_source (1.0.0)
    mime-types (3.4.1)
      mime-types-data (~> 3.2015)
    mime-types-data (3.2023.0218.1)
    mini_mime (1.1.2)
    minitest (5.18.0)
    mojo_magick (0.6.7)
    msfrpc-client (1.1.2)
      msgpack (~> 1)
    msgpack (1.7.0)
    mustermann (3.0.0)
      ruby2_keywords (~> 0.0.1)
    net-protocol (0.2.1)
      timeout
    net-smtp (0.3.3)
      net-protocol
    netrc (0.11.0)
    nio4r (2.5.9)
    nokogiri (1.14.3-x86_64-linux)
      racc (~> 1.4)
    otr-activerecord (2.1.2)
      activerecord (>= 4.0, < 7.1)
      hashie-forbidden_attributes (~> 0.1)
    parallel (1.23.0)
    parseconfig (1.1.2)
    parser (3.2.2.0)
      ast (~> 2.4.1)
    power_assert (2.0.3)
    pry (0.14.2)
      coderay (~> 1.1)
      method_source (~> 1.0)
    pry-byebug (3.10.1)
      byebug (~> 11.0)
      pry (>= 0.13, < 0.15)
    psych (5.1.0)
      stringio
    public_suffix (5.0.1)
    qr4r (0.6.1)
      mojo_magick (~> 0.6.5)
      rqrcode_core (~> 0.1)
    racc (1.6.2)
    rack (2.2.6.4)
    rack-protection (3.0.6)
      rack
    rack-test (2.1.0)
      rack (>= 1.3)
    rainbow (3.1.1)
    rake (13.0.6)
    rdoc (6.5.0)
      psych (>= 4.0.0)
    regexp_parser (2.8.0)
    reline (0.3.3)
      io-console (~> 0.5)
    rest-client (2.1.0)
      http-accept (>= 1.7.0, < 2.0)
      http-cookie (>= 1.0.2, < 2.0)
      mime-types (>= 1.16, < 4.0)
      netrc (~> 0.8)
    rexml (3.2.5)
    rqrcode_core (0.2.0)
    rr (3.1.0)
    rspec (3.12.0)
      rspec-core (~> 3.12.0)
      rspec-expectations (~> 3.12.0)
      rspec-mocks (~> 3.12.0)
    rspec-core (3.12.2)
      rspec-support (~> 3.12.0)
    rspec-expectations (3.12.3)
      diff-lcs (>= 1.2.0, < 2.0)
      rspec-support (~> 3.12.0)
    rspec-mocks (3.12.5)
      diff-lcs (>= 1.2.0, < 2.0)
      rspec-support (~> 3.12.0)
    rspec-support (3.12.0)
    rubocop (1.48.1)
      json (~> 2.3)
      parallel (~> 1.10)
      parser (>= 3.2.0.0)
      rainbow (>= 2.2.2, < 4.0)
      regexp_parser (>= 1.8, < 3.0)
      rexml (>= 3.2.5, < 4.0)
      rubocop-ast (>= 1.26.0, < 2.0)
      ruby-progressbar (~> 1.7)
      unicode-display_width (>= 2.4.0, < 3.0)
    rubocop-ast (1.28.0)
      parser (>= 3.2.1.0)
    ruby-progressbar (1.13.0)
    ruby2_keywords (0.0.5)
    rubyzip (2.3.2)
    rushover (0.3.0)
      json
      rest-client
    selenium-webdriver (4.9.0)
      rexml (~> 3.2, >= 3.2.5)
      rubyzip (>= 1.2.2, < 3.0)
      websocket (~> 1.0)
    sinatra (3.0.6)
      mustermann (~> 3.0)
      rack (~> 2.2, >= 2.2.4)
      rack-protection (= 3.0.6)
      tilt (~> 2.0)
    slack-notifier (2.4.0)
    sqlite3 (1.6.2-x86_64-linux)
    stringio (3.0.6)
    sync (0.5.0)
    term-ansicolor (1.7.1)
      tins (~> 1.0)
    test-unit (3.5.7)
      power_assert
    test-unit-context (0.5.1)
      test-unit (>= 2.4.0)
    test-unit-full (0.0.5)
      test-unit
      test-unit-context
      test-unit-notify
      test-unit-rr
      test-unit-runner-tap
    test-unit-notify (1.0.4)
      test-unit (>= 2.4.9)
    test-unit-rr (1.0.5)
      rr (>= 1.1.1)
      test-unit (>= 2.5.2)
    test-unit-runner-tap (1.1.2)
      test-unit
    thin (1.8.2)
      daemons (~> 1.0, >= 1.0.9)
      eventmachine (~> 1.0, >= 1.0.4)
      rack (>= 1, < 3)
    tilt (2.1.0)
    timeout (0.3.2)
    timers (4.3.5)
    tins (1.32.1)
      sync
    tzinfo (2.0.6)
      concurrent-ruby (~> 1.0)
    uglifier (4.2.0)
      execjs (>= 0.3.0, < 3)
    unf (0.1.4)
      unf_ext
    unf_ext (0.0.8.2)
    unicode-display_width (2.4.2)
    webrick (1.8.1)
    websocket (1.2.9)
    websocket-client-simple (0.6.1)
      event_emitter
      websocket
    xmlrpc (0.3.2)
      webrick
    xpath (3.2.0)
      nokogiri (~> 1.8)

PLATFORMS
  x86_64-linux

DEPENDENCIES
  ansi (~> 1.5)
  async (~> 1.31)
  async-dns (~> 1.3)
  browserstack-local (~> 1.4)
  capybara (~> 3.38)
  curb (~> 1.0, >= 1.0.5)
  em-websocket (~> 0.5.3)
  erubis (~> 2.7)
  espeak-ruby (~> 1.1.0)
  eventmachine (~> 1.2, >= 1.2.7)
  execjs (~> 2.8, >= 2.8.1)
  geckodriver-helper (~> 0.24.0)
  irb (~> 1.6, >= 1.6.3)
  json
  maxmind-db (~> 1.1, >= 1.1.1)
  mime-types (~> 3.4, >= 3.4.1)
  msfrpc-client (~> 1.1, >= 1.1.2)
  net-smtp
  otr-activerecord (~> 2.1, >= 2.1.2)
  parseconfig (~> 1.1, >= 1.1.2)
  pry-byebug (~> 3.10, >= 3.10.1)
  qr4r (~> 0.6.1)
  rack (~> 2.2, >= 2.2.4)
  rack-protection (~> 3.0.5)
  rake (~> 13.0)
  rdoc (~> 6.5)
  rest-client (~> 2.1.0)
  rspec (~> 3.12)
  rubocop (~> 1.48.1)
  rubyzip (~> 2.3)
  rushover (~> 0.3.0)
  selenium-webdriver (~> 4.8, >= 4.8.1)
  sinatra (~> 3.0, >= 3.0.5)
  slack-notifier (~> 2.4)
  sqlite3 (~> 1.6, >= 1.6.1)
  term-ansicolor
  test-unit-full (~> 0.0.5)
  thin (~> 1.8)
  uglifier (~> 4.2)
  websocket-client-simple (~> 0.6.1)
  xmlrpc (~> 0.3.2)

BUNDLED WITH
   2.2.32
